PATH
  remote: .
  specs:
    viaduct-api (1.0.0)
      moonrope-client (~> 1.0.2)

GEM
  remote: https://rubygems.org/
  specs:
    json (1.8.3)
    moonrope-client (1.0.2)
      json (~> 1.8, >= 1.8.0)

PLATFORMS
  ruby

DEPENDENCIES
  viaduct-api!

BUNDLED WITH
   1.10.6
