PATH
  remote: .
  specs:
    dasher-ruby (0.0.1)
      moonrope-client (>= 1.0.2, < 2.0)

GEM
  remote: https://rubygems.org/
  specs:
    json (2.6.3)
    moonrope-client (1.0.5)
      json

PLATFORMS
  ruby

DEPENDENCIES
  dasher-ruby!

BUNDLED WITH
   1.10.6
